GEM
  remote: https://rubygems.org/
  specs:
    net-ssh (2.8.0)
    rake (10.2.2)
    sass (3.3.4)

PLATFORMS
  ruby
  x64-mingw32
  x86-mingw32

DEPENDENCIES
  net-ssh
  rake
  sass
