GEM
  remote: https://rubygems.org/
  specs:
    net-ssh (2.8.0)
    rake (10.1.1)
    sass (3.2.13)

PLATFORMS
  ruby
  x64-mingw32
  x86-mingw32

DEPENDENCIES
  net-ssh
  rake
  sass
