GEM
  remote: https://rubygems.org/
  specs:
    net-ssh (2.9.1)
    rake (10.3.2)
    sass (3.3.7)

PLATFORMS
  ruby
  x64-mingw32
  x86-mingw32

DEPENDENCIES
  net-ssh
  rake
  sass
