GEM
  remote: https://rubygems.org/
  specs:
    rake (10.1.1)
    sass (3.2.13)

PLATFORMS
  ruby
  x86-mingw32

DEPENDENCIES
  rake
  sass (= 3.2.13)
